GEM
  remote: https://rubygems.org/
  specs:
    activesupport (5.1.4)
      concurrent-ruby (~> 1.0, >= 1.0.2)
      i18n (~> 0.7)
      minitest (~> 5.1)
      tzinfo (~> 1.1)
    coderay (1.1.2)
    colorize (0.8.1)
    concurrent-ruby (1.0.5)
    daemons (1.2.6)
    dotenv (2.2.1)
    geocoder (1.4.5)
    i18n (0.9.3)
      concurrent-ruby (~> 1.0)
    method_source (0.9.0)
    minitest (5.11.1)
    oj (3.4.0)
    pg (1.0.0)
    pry (0.11.3)
      coderay (~> 1.1.0)
      method_source (~> 0.9.0)
    rake (12.3.0)
    redis (4.0.1)
    thread_safe (0.3.6)
    tzinfo (1.2.4)
      thread_safe (~> 0.1)

PLATFORMS
  ruby

DEPENDENCIES
  activesupport
  colorize
  daemons
  dotenv
  geocoder
  oj
  pg
  pry
  rake
  redis

BUNDLED WITH
   1.16.1
